GEM
  remote: https://rubygems.org/
  specs:
    minitest (5.19.0)
    rake (13.0.6)

PLATFORMS
  x86_64-darwin-19

DEPENDENCIES
  minitest
  rake

BUNDLED WITH
   2.3.7
